GEM
  remote: http://rubygems.org/
  specs:
    dnsruby (1.60.2)
    parallel (1.12.1)
    public_suffix (3.0.1)

PLATFORMS
  ruby

DEPENDENCIES
  dnsruby
  parallel
  public_suffix

BUNDLED WITH
   1.17.2
